GEM
  remote: https://rubygems.org/
  specs:
    addressable (2.3.8)
    mini_portile (0.6.2)
    nokogiri (1.6.6.2)
      mini_portile (~> 0.6.0)

PLATFORMS
  ruby

DEPENDENCIES
  addressable
  nokogiri
